GEM
  remote: https://rubygems.org/
  specs:
    artii (2.1.2)
    colorize (0.8.1)
    rspec (3.10.0)
    tty-prompt (0.22.0)
    tty-spinner (0.9.3)

PLATFORMS
  x86_64-linux

DEPENDENCIES
  artii (~> 2.1)
  colorize (~> 0.8.1)
  rspec (~> 3.10)
  tty-prompt (~> 0.22.0)
  tty-spinner (~> 0.9.3)

BUNDLED WITH
   2.2.1
