GEM
  remote: https://rubygems.org/
  specs:
    artii (2.1.2)
    colorize (0.8.1)
    diff-lcs (1.4.4)
    rspec (3.10.0)
    rspec-core (~> 3.10.0)
    rspec-expectations (~> 3.10.0)
    rspec-mocks (~> 3.10.0)
    rspec-core (3.10.0)
    rspec-support (~> 3.10.0)
    rspec-expectations (3.10.0)
    diff-lcs (>= 1.2.0, < 2.0)
    rspec-support (~> 3.10.0)
    rspec-mocks (3.10.0)
    diff-lcs (>= 1.2.0, < 2.0)
    rspec-support (~> 3.10.0)
    rspec-support (3.10.0)
    tty-prompt (0.22.0)
    tty-spinner (0.9.3)
     

PLATFORMS
  ruby

DEPENDENCIES
  artii (~> 2.1)
  colorize (~> 0.8.1)
  rspec (~> 3.10)
  tty-prompt (~> 0.22.0)
  tty-spinner (~> 0.9.3)

BUNDLED WITH
   2.1.4
